GEM
  remote: https://rubygems.org/
  specs:
    cpf_cnpj (0.5.0)
    os (1.1.4)

PLATFORMS
  x86_64-darwin-20

DEPENDENCIES
  cpf_cnpj
  os

BUNDLED WITH
   2.3.9
